GIT
  remote: https://github.com/SciRuby/daru-view.git
  revision: 7c99ae5c7bbb4aea14c6467e7f29565517fc1444
  specs:
    daru-view (0.2.4)
      actionview
      daru
      daru-data_tables
      google_visualr
      lazy_high_charts
      nyaplot
      thor

GIT
  remote: https://github.com/SciRuby/daru.git
  revision: 984ff72024466917f8c8ad184e045efa14470412
  specs:
    daru (0.2.1)
      backports
      packable (~> 1.3.9)

GIT
  remote: https://github.com/SciRuby/nyaplot.git
  revision: 662ebc60b0d1e9fbebe7e06530d8450d266ebbdd
  specs:
    nyaplot (0.1.6)

GIT
  remote: https://github.com/Shekharrajak/daru-data_tables.git
  revision: af3460a049daa8a090f82df693ffb6a48eb4ab59
  specs:
    daru-data_tables (0.3.5)
      daru

GIT
  remote: https://github.com/winston/google_visualr.git
  revision: 17b97114a345baadd011e7b442b9a6c91a2b7ab5
  specs:
    google_visualr (2.5.1)

GEM
  remote: http://rubygems.org/
  specs:
    actionview (5.2.2)
      activesupport (= 5.2.2)
      builder (~> 3.1)
      erubi (~> 1.4)
      rails-dom-testing (~> 2.0)
      rails-html-sanitizer (~> 1.0, >= 1.0.3)
    activesupport (5.2.2)
      concurrent-ruby (~> 1.0, >= 1.0.2)
      i18n (>= 0.7, < 2)
      minitest (~> 5.1)
      tzinfo (~> 1.1)
    backports (3.11.4)
    bond (0.5.1)
    builder (3.2.3)
    concurrent-ruby (1.1.3)
    crass (1.0.4)
    data_uri (0.1.0)
    erubi (1.7.1)
    hash-deep-merge (0.1.1)
    i18n (1.2.0)
      concurrent-ruby (~> 1.0)
    iruby (0.3)
      bond (~> 0.5)
      data_uri (~> 0.1)
      mimemagic (~> 0.3)
      multi_json (~> 1.11)
    lazy_high_charts (1.5.8)
      hash-deep-merge
    loofah (2.2.3)
      crass (~> 1.0.2)
      nokogiri (>= 1.5.9)
    mimemagic (0.3.2)
    mini_portile2 (2.3.0)
    minitest (5.11.3)
    multi_json (1.13.1)
    nokogiri (1.8.5)
      mini_portile2 (~> 2.3.0)
    packable (1.3.10)
      backports
    rails-dom-testing (2.0.3)
      activesupport (>= 4.2.0)
      nokogiri (>= 1.6)
    rails-html-sanitizer (1.0.4)
      loofah (~> 2.2, >= 2.2.2)
    thor (0.20.3)
    thread_safe (0.3.6)
    tzinfo (1.2.5)
      thread_safe (~> 0.1)

PLATFORMS
  ruby

DEPENDENCIES
  daru!
  daru-data_tables!
  daru-view!
  google_visualr!
  iruby
  nyaplot!

BUNDLED WITH
   1.15.3
